PATH
  remote: .
  specs:
    intervallum (1.2.11)

GEM
  remote: https://rubygems.org/
  specs:

PLATFORMS
  ruby

DEPENDENCIES
  intervallum!
