PATH
  remote: .
  specs:
    intervallum (1.2.4)

GEM
  remote: https://rubygems.org/
  specs:
    awesome_print (1.6.1)

PLATFORMS
  ruby

DEPENDENCIES
  awesome_print
  intervallum!
